GEM
  remote: https://rubygems.org/
  specs:
    bson (4.2.2)
    bson_ext (1.5.1)
    colorize (0.8.1)
    dotenv (2.2.1)
    dropbox_api (0.1.6)
      faraday (~> 0.9, ~> 0.8)
      oauth2 (~> 1.1)
    faraday (0.11.0)
      multipart-post (>= 1.2, < 3)
    jwt (1.5.6)
    mini_portile2 (2.1.0)
    mongo (2.4.3)
      bson (>= 4.2.1, < 5.0.0)
    multi_json (1.12.1)
    multi_xml (0.6.0)
    multipart-post (2.0.0)
    neatjson (0.8.3)
    nokogiri (1.7.2)
      mini_portile2 (~> 2.1.0)
    nokogiri (1.7.2-x86-mingw32)
      mini_portile2 (~> 2.1.0)
    oauth2 (1.3.1)
      faraday (>= 0.8, < 0.12)
      jwt (~> 1.0)
      multi_json (~> 1.3)
      multi_xml (~> 0.5)
      rack (>= 1.2, < 3)
    pg (0.20.0)
    pg (0.20.0-x86-mingw32)
    power_assert (1.0.2)
    rack (2.0.3)
    rake (12.0.0)
    sequel (4.46.0)
    test-unit (3.2.3)
      power_assert

PLATFORMS
  ruby
  x86-mingw32

DEPENDENCIES
  bson_ext
  colorize
  dotenv
  dropbox_api
  mongo
  neatjson
  nokogiri
  pg
  rake
  sequel
  test-unit

BUNDLED WITH
   1.15.1
