GEM
  remote: https://rubygems.org/
  specs:
    dotenv (2.2.1)
    dropbox-api (0.4.7)
      hashie (~> 3.4.0)
      multi_json (~> 1.10)
      oauth (~> 0.4.7)
    hashie (3.4.6)
    mini_portile2 (2.1.0)
    multi_json (1.12.1)
    nokogiri (1.7.2-x86-mingw32)
      mini_portile2 (~> 2.1.0)
    oauth (0.4.7)
    pg (0.20.0-x86-mingw32)
    power_assert (1.0.2)
    rake (12.0.0)
    sequel (4.46.0)
    test-unit (3.2.3)
      power_assert

PLATFORMS
  x86-mingw32

DEPENDENCIES
  dotenv
  dropbox-api
  nokogiri
  pg
  rake
  sequel
  test-unit

RUBY VERSION
   ruby 2.2.6p396

BUNDLED WITH
   1.14.6
